GEM
  remote: https://rubygems.org/
  specs:
    bson (4.1.1)
    bson_ext (1.5.1)
    daemons (1.2.3)
    em-websocket (0.5.1)
      eventmachine (>= 0.12.9)
      http_parser.rb (~> 0.6.0)
    eventmachine (1.2.0.1)
    eventmachine (1.2.0.1-x64-mingw32)
    http_parser.rb (0.6.0)
    mongo (2.3.0)
      bson (~> 4.1)
    rack (1.6.4)
    rack-protection (1.5.3)
      rack
    redis (3.2.2)
    ruxbee (0.1.1)
      serialport (>= 1.3.1)
    serialport (1.3.1)
    sinatra (1.4.7)
      rack (~> 1.5)
      rack-protection (~> 1.4)
      tilt (>= 1.3, < 3)
    thin (1.7.0)
      daemons (~> 1.0, >= 1.0.9)
      eventmachine (~> 1.0, >= 1.0.4)
      rack (>= 1, < 3)
    tilt (2.0.2)
    yajl-ruby (1.2.1)

PLATFORMS
  ruby
  x64-mingw32

DEPENDENCIES
  bson_ext
  em-websocket
  eventmachine
  mongo
  redis
  ruxbee
  sinatra
  thin
  yajl-ruby

BUNDLED WITH
   1.12.5
